PATH
  remote: .
  specs:
    obvious (0.2.0)

GEM
  remote: https://rubygems.org/
  specs:

PLATFORMS
  ruby
  x86_64-darwin-20
  x86_64-linux

DEPENDENCIES
  obvious!

BUNDLED WITH
   2.3.4
